GEM
  remote: https://rubygems.org/
  specs:
    addressable (2.7.0)
      public_suffix (>= 2.0.2, < 5.0)
    byebug (11.1.3)
    coderay (1.1.3)
    faraday (1.1.0)
      multipart-post (>= 1.2, < 3)
      ruby2_keywords
    method_source (1.0.0)
    multipart-post (2.1.1)
    mustermann (1.1.1)
      ruby2_keywords (~> 0.0.1)
    pry (0.13.1)
      coderay (~> 1.1)
      method_source (~> 1.0)
    public_suffix (4.0.6)
    rack (2.2.3)
    rack-protection (2.1.0)
      rack
    ruby2_keywords (0.0.2)
    sinatra (2.1.0)
      mustermann (~> 1.0)
      rack (~> 2.2)
      rack-protection (= 2.1.0)
      tilt (~> 2.0)
    sinatra-cross_origin (0.4.0)
    tilt (2.0.10)

PLATFORMS
  ruby

DEPENDENCIES
  addressable
  byebug
  faraday
  pry
  sinatra
  sinatra-cross_origin

BUNDLED WITH
   2.1.4
